GIT
  remote: https://github.com/quirkey/soca.git
  revision: 585a8765c06dca170fb2377966433030006f9782
  specs:
    soca (0.1.2)
      coffee-script (~> 1.1.0)
      compass (~> 0.10.5)
      jim (~> 0.2.3)
      json (~> 1.4.6)
      mime-types (~> 1.16)
      mustache (~> 0.11.2)
      thor (~> 0.14.0)
      typhoeus (~> 0.1.31)

GEM
  remote: http://rubygems.org/
  specs:
    archive-tar-minitar (0.5.2)
    coffee-script (1.1.0)
    compass (0.10.6)
      haml (>= 3.0.4)
    compass-susy-plugin (0.8.1)
      compass (>= 0.10.0)
    downlow (0.1.4)
      archive-tar-minitar (>= 0.5.2)
      rubyzip (>= 0.9.4)
    haml (3.0.25)
    jim (0.2.3)
      downlow (>= 0.1.3)
      version_sorter (>= 1.1.0)
      yajl-ruby
    json (1.4.6)
    mime-types (1.16)
    mustache (0.11.2)
    rack (1.2.1)
    rest-client (1.6.1)
      mime-types (>= 1.16)
    rubyzip (0.9.4)
    thor (0.14.6)
    typhoeus (0.1.31)
      rack
    version_sorter (1.1.0)
    yajl-ruby (0.7.8)

PLATFORMS
  ruby

DEPENDENCIES
  compass-susy-plugin
  rest-client
  soca!
  thor
