GEM
  remote: http://rubygems.org/
  specs:
    archive-tar-minitar (0.5.2)
    coffee-script (2.1.3)
      coffee-script-source
    coffee-script-source (1.0.1)
    compass (0.10.6)
      haml (>= 3.0.4)
    compass-tfg-plugin (0.0.2)
      compass (>= 0.10.0.rc3)
    downlow (0.1.4)
      archive-tar-minitar (>= 0.5.2)
      rubyzip (>= 0.9.4)
    fakeweb (1.3.0)
    fssm (0.2.6.1)
    git (1.2.5)
    haml (3.0.25)
    jeweler (1.5.2)
      bundler (~> 1.0.0)
      git (>= 1.2.5)
      rake
    jim (0.3.1)
      downlow (~> 0.1.4)
      downlow (~> 0.1.3)
      fakeweb (>= 1.2.8)
      fssm
      fssm (~> 0.2.0)
      jeweler
      leftright
      mocha
      rack-test
      rake
      shoulda
      test-unit
      thor (~> 0.14.4)
      thor
      version_sorter (~> 1.1.0)
      version_sorter (~> 1.1.0)
      yajl-ruby
      yajl-ruby
    json (1.4.6)
    leftright (0.9.1)
    mime-types (1.16)
    mocha (0.9.12)
    mustache (0.11.2)
    rack (1.2.2)
    rack-test (0.5.7)
      rack (>= 1.0)
    rake (0.8.7)
    rest-client (1.6.1)
      mime-types (>= 1.16)
    rubyzip (0.9.4)
    shoulda (2.11.3)
    soca (0.2.0)
      coffee-script (~> 2.1.2)
      coffee-script (~> 2.1.2)
      compass (~> 0.10.5)
      compass (~> 0.10.5)
      jim (~> 0.3.1)
      jim (~> 0.3.1)
      json (~> 1.4.6)
      json (~> 1.4.6)
      mime-types (~> 1.16)
      mime-types (~> 1.16)
      mustache (~> 0.11.2)
      mustache (~> 0.11.2)
      thor (~> 0.14.0)
      thor (~> 0.14.0)
      typhoeus (~> 0.2)
      typhoeus (~> 0.2)
    test-unit (2.2.0)
    thor (0.14.6)
    typhoeus (0.2.4)
      mime-types
      mime-types
    version_sorter (1.1.0)
    yajl-ruby (0.8.2)

PLATFORMS
  ruby

DEPENDENCIES
  compass-tfg-plugin
  rest-client
  soca
  thor
